PATH
  remote: .
  specs:
    workflow_manager (0.8.0)

GEM
  remote: https://rubygems.org/
  specs:
    concurrent-ruby (1.2.0)
    connection_pool (2.3.0)
    rack (3.0.4.2)
    redis (5.0.6)
      redis-client (>= 0.9.0)
    redis-client (0.12.1)
      connection_pool
    sidekiq (7.0.5)
      concurrent-ruby (< 2)
      connection_pool (>= 2.3.0)
      rack (>= 2.2.4)
      redis-client (>= 0.11.0)

PLATFORMS
  x86_64-linux

DEPENDENCIES
  redis
  sidekiq
  workflow_manager!

BUNDLED WITH
   2.3.26
